GEM
  remote: https://rubygems.org/
  specs:
    slim (3.0.6)
      temple (~> 0.7.3)
      tilt (>= 1.3.3, < 2.1)
    temple (0.7.6)
    tilt (2.0.1)

PLATFORMS
  ruby

DEPENDENCIES
  slim

BUNDLED WITH
   1.10.3
